STORAGE: NONE
RESTRICTION: || (== netcoreapp3.1) (== netstandard2.0) (== netstandard2.1)
NUGET
  remote: https://api.nuget.org/v3/index.json
    Microsoft.Extensions.Logging.Abstractions (5.0)
    Newtonsoft.Json (12.0.3)
